GEM
  remote: https://rubygems.org/
  specs:
    minitest (5.16.1)

PLATFORMS
  x86_64-darwin-21

DEPENDENCIES
  minitest (~> 5.16)

BUNDLED WITH
   2.3.8
